GEM
  remote: https://rubygems.org/
  specs:
    ast (2.4.0)
    autoprefixer-rails (9.6.1.1)
      execjs
    bootstrap-sass (3.4.1)
      autoprefixer-rails (>= 5.2.1)
      sassc (>= 2.0.0)
    concurrent-ruby (1.1.5)
    execjs (2.7.0)
    ffi (1.11.1)
    htmlcompressor (0.4.0)
    inesita (0.9.0)
      listen (~> 3.0)
      opal (~> 1.0)
      opal-sprockets (~> 0)
      opal-virtual-dom (~> 0.6.1)
      rack-rewrite (~> 1.5)
      thor (~> 0.19)
    inesita-livereload (0.1.1)
      listen (~> 3.0)
      opal (~> 1.0)
      websocket (~> 1.0)
    inesita-router (0.3.0)
      inesita (~> 0.9.0)
    listen (3.2.0)
      rb-fsevent (~> 0.10, >= 0.10.3)
      rb-inotify (~> 0.9, >= 0.9.10)
    opal (1.0.0)
      ast (>= 2.3.0)
      parser (= 2.5.3.0)
    opal-browser (0.2.0)
      opal
      paggio
    opal-sprockets (0.4.8.1.0.3.7)
      opal (~> 1.0.0)
      sprockets (~> 3.7)
      tilt (>= 1.4)
    opal-virtual-dom (0.6.1)
      opal (> 0)
    paggio (0.2.6)
    parser (2.5.3.0)
      ast (~> 2.4.0)
    rack (2.0.7)
    rack-rewrite (1.5.1)
    rb-fsevent (0.10.3)
    rb-inotify (0.10.0)
      ffi (~> 1.0)
    sass (3.7.4)
      sass-listen (~> 4.0.0)
    sass-listen (4.0.0)
      rb-fsevent (~> 0.9, >= 0.9.4)
      rb-inotify (~> 0.9, >= 0.9.7)
    sassc (2.2.1)
      ffi (~> 1.9)
    slim (4.0.1)
      temple (>= 0.7.6, < 0.9)
      tilt (>= 2.0.6, < 2.1)
    sprockets (3.7.2)
      concurrent-ruby (~> 1.0)
      rack (> 1, < 3)
    temple (0.8.2)
    thor (0.20.3)
    tilt (2.0.10)
    uglifier (4.2.0)
      execjs (>= 0.3.0, < 3)
    websocket (1.2.8)

PLATFORMS
  ruby

DEPENDENCIES
  bootstrap-sass
  htmlcompressor
  inesita
  inesita-livereload
  inesita-router
  opal-browser
  sass
  slim
  uglifier

BUNDLED WITH
   2.1.4
