GIT
  remote: https://github.com/hmdne/paggio.git
  revision: 6c336a219aa0097fcdf55f64e6fc7b9128165b18
  specs:
    paggio (0.2.6)

GEM
  remote: https://rubygems.org/
  specs:
    ast (2.4.2)
    concurrent-ruby (1.1.9)
    execjs (2.8.1)
    ffi (1.15.3)
    htmlcompressor (0.4.0)
    inesita (0.9.2)
      listen (~> 3.0)
      opal (~> 1.0)
      opal-sprockets (> 0.3)
      opal-virtual-dom (~> 0.6.1)
      rack-rewrite (~> 1.5)
      thor (~> 0.19)
    inesita-livereload (0.1.1)
      listen (~> 3.0)
      opal (~> 1.0)
      websocket (~> 1.0)
    inesita-router (0.3.0)
      inesita (~> 0.9.0)
    listen (3.6.0)
      rb-fsevent (~> 0.10, >= 0.10.3)
      rb-inotify (~> 0.9, >= 0.9.10)
    opal (1.2.0)
      ast (>= 2.3.0)
      parser (~> 3.0)
    opal-browser (0.2.0)
      opal
      paggio
    opal-sprockets (1.0.1)
      opal (>= 1.0, < 2.0)
      sprockets (~> 4.0)
      tilt (>= 1.4)
    opal-virtual-dom (0.6.1)
      opal (> 0)
    parser (3.0.2.0)
      ast (~> 2.4.1)
    rack (2.2.3)
    rack-rewrite (1.5.1)
    rb-fsevent (0.11.0)
    rb-inotify (0.10.1)
      ffi (~> 1.0)
    sass (3.7.4)
      sass-listen (~> 4.0.0)
    sass-listen (4.0.0)
      rb-fsevent (~> 0.9, >= 0.9.4)
      rb-inotify (~> 0.9, >= 0.9.7)
    sprockets (4.0.2)
      concurrent-ruby (~> 1.0)
      rack (> 1, < 3)
    thor (0.20.3)
    tilt (2.0.10)
    uglifier (4.2.0)
      execjs (>= 0.3.0, < 3)
    websocket (1.2.9)

PLATFORMS
  ruby

DEPENDENCIES
  htmlcompressor
  inesita
  inesita-livereload
  inesita-router
  opal-browser
  opal-sprockets
  paggio!
  sass
  uglifier

BUNDLED WITH
   2.1.4
